PATH
  remote: .
  specs:
    ruco (0.3.0)
      clipboard (>= 0.9.8)
      dispel (>= 0.0.7)
      language_sniffer
      textpow (>= 1.3.0)

GEM
  remote: https://rubygems.org/
  specs:
    bump (0.5.0)
    clipboard (1.0.5)
    curses (1.4.4)
    diff-lcs (1.5.0)
    dispel (0.0.7)
      curses
    language_sniffer (1.0.2)
    plist (3.7.0)
    rake (13.0.6)
    rspec (3.12.0)
      rspec-core (~> 3.12.0)
      rspec-expectations (~> 3.12.0)
      rspec-mocks (~> 3.12.0)
    rspec-core (3.12.2)
      rspec-support (~> 3.12.0)
    rspec-expectations (3.12.3)
      diff-lcs (>= 1.2.0, < 2.0)
      rspec-support (~> 3.12.0)
    rspec-mocks (3.12.5)
      diff-lcs (>= 1.2.0, < 2.0)
      rspec-support (~> 3.12.0)
    rspec-support (3.12.0)
    textpow (1.3.1)
      plist (>= 3.0.1)

PLATFORMS
  ruby

DEPENDENCIES
  bump
  ffi
  rake
  rspec
  ruco!

BUNDLED WITH
   2.3.12
