PATH
  remote: .
  specs:
    ruco (0.3.0)
      clipboard (>= 0.9.8)
      dispel (>= 0.0.7)
      language_sniffer
      textpow (>= 1.3.0)

GEM
  remote: https://rubygems.org/
  specs:
    bump (0.5.0)
    clipboard (1.0.5)
    curses (1.4.4)
    diff-lcs (1.2.5)
    dispel (0.0.7)
      curses
    language_sniffer (1.0.2)
    plist (3.1.0)
    rake (10.1.1)
    rspec (2.14.1)
      rspec-core (~> 2.14.0)
      rspec-expectations (~> 2.14.0)
      rspec-mocks (~> 2.14.0)
    rspec-core (2.14.7)
    rspec-expectations (2.14.5)
      diff-lcs (>= 1.1.3, < 2.0)
    rspec-mocks (2.14.6)
    textpow (1.3.1)
      plist (>= 3.0.1)

PLATFORMS
  ruby

DEPENDENCIES
  bump
  ffi
  rake
  rspec (~> 2)
  ruco!

BUNDLED WITH
   2.3.12
