PATH
  remote: .
  specs:
    ruco (0.4.0)
      clipboard (>= 0.9.8)
      dispel (>= 0.0.7)
      language_sniffer
      textpow (>= 1.3.0)

GEM
  remote: https://rubygems.org/
  specs:
    bump (0.10.0)
    clipboard (2.0.0)
    curses (1.5.3)
    diff-lcs (1.6.2)
    dispel (0.1.0)
      curses
    language_sniffer (1.0.2)
    plist (3.7.2)
    rake (13.3.0)
    rspec (3.13.1)
      rspec-core (~> 3.13.0)
      rspec-expectations (~> 3.13.0)
      rspec-mocks (~> 3.13.0)
    rspec-core (3.13.4)
      rspec-support (~> 3.13.0)
    rspec-expectations (3.13.5)
      diff-lcs (>= 1.2.0, < 2.0)
      rspec-support (~> 3.13.0)
    rspec-mocks (3.13.5)
      diff-lcs (>= 1.2.0, < 2.0)
      rspec-support (~> 3.13.0)
    rspec-support (3.13.4)
    textpow (1.4.0)
      plist (>= 3.0.1)

PLATFORMS
  ruby

DEPENDENCIES
  bump
  ffi
  rake
  rspec
  ruco!

BUNDLED WITH
   2.3.12
